PATH
  remote: .
  specs:
    ciri (0.0.3)
      bitcoin-secp256k1 (~> 0.4.0)
      ciri-crypto (~> 0.1.1)
      ciri-rlp (~> 0.1.1)
      ciri-utils (~> 0.2.0)
      concurrent-ruby (~> 1.0.5)
      ffi (~> 1.9.23)
      lru_redux (~> 1.1.0)
      snappy (~> 0.0.17)
    ciri-crypto (0.1.1)
      bitcoin-secp256k1 (~> 0.4.0)
      ciri-utils (~> 0.2.0)
    ciri-rlp (0.1.1)
      ciri-utils (~> 0.2.0)
    ciri-utils (0.2.0)
      digest-sha3 (~> 1.1.0)

GEM
  remote: https://rubygems.org/
  specs:
    bitcoin-secp256k1 (0.4.0)
      ffi (>= 1.9.10)
    concurrent-ruby (1.0.5)
    diff-lcs (1.3)
    digest-sha3 (1.1.0)
    ffi (1.9.25)
    lru_redux (1.1.0)
    rake (12.3.1)
    rspec (3.7.0)
      rspec-core (~> 3.7.0)
      rspec-expectations (~> 3.7.0)
      rspec-mocks (~> 3.7.0)
    rspec-core (3.7.1)
      rspec-support (~> 3.7.0)
    rspec-expectations (3.7.0)
      diff-lcs (>= 1.2.0, < 2.0)
      rspec-support (~> 3.7.0)
    rspec-mocks (3.7.0)
      diff-lcs (>= 1.2.0, < 2.0)
      rspec-support (~> 3.7.0)
    rspec-support (3.7.1)
    snappy (0.0.17)

PLATFORMS
  ruby

DEPENDENCIES
  bundler (~> 1.16)
  ciri!
  rake (~> 12.0)
  rspec (~> 3.0)

BUNDLED WITH
   1.16.3
