PATH
  remote: .
  specs:
    ciri-p2p (0.3.0)
      async (~> 1.10.3)
      async-io (~> 1.15.5)
      ciri-common (~> 0.1.0)
      ciri-crypto (~> 0.1.1)
      ciri-rlp (~> 1.0.1)
      ciri-utils (~> 0.2.2)
      snappy (~> 0.0.17)

GEM
  remote: https://rubygems.org/
  specs:
    async (1.10.3)
      nio4r (~> 2.3)
      timers (~> 4.1)
    async-io (1.15.5)
      async (~> 1.3)
    bitcoin-secp256k1 (0.4.0)
      ffi (>= 1.9.10)
    ciri-common (0.1.0)
      ciri-crypto (~> 0.1.1)
      ciri-rlp (~> 1.0.1)
      ciri-utils (~> 0.2.2)
    ciri-crypto (0.1.1)
      bitcoin-secp256k1 (~> 0.4.0)
      ciri-utils (~> 0.2.0)
    ciri-rlp (1.0.1)
      ciri-utils (>= 0.2.2)
    ciri-utils (0.2.2)
      digest-sha3 (~> 1.1.0)
    diff-lcs (1.3)
    digest-sha3 (1.1.0)
    ffi (1.9.25)
    nio4r (2.3.1)
    rake (10.5.0)
    rspec (3.8.0)
      rspec-core (~> 3.8.0)
      rspec-expectations (~> 3.8.0)
      rspec-mocks (~> 3.8.0)
    rspec-core (3.8.0)
      rspec-support (~> 3.8.0)
    rspec-expectations (3.8.2)
      diff-lcs (>= 1.2.0, < 2.0)
      rspec-support (~> 3.8.0)
    rspec-mocks (3.8.0)
      diff-lcs (>= 1.2.0, < 2.0)
      rspec-support (~> 3.8.0)
    rspec-support (3.8.0)
    snappy (0.0.17)
    timers (4.2.0)

PLATFORMS
  ruby

DEPENDENCIES
  bundler (~> 1.16)
  ciri-p2p!
  rake (~> 10.0)
  rspec (~> 3.0)

BUNDLED WITH
   1.16.5
